GIT
  remote: git://github.com/doorkeeper-gem/doorkeeper-mongodb.git
  revision: df0c938699ac1d71ec7f174efd6e4cc9590c1858
  specs:
    doorkeeper-mongodb (3.0.0)
      doorkeeper (>= 3.0.0)

GEM
  remote: https://rubygems.org/
  specs:
    CFPropertyList (2.3.2)
    actionmailer (4.2.5)
      actionpack (= 4.2.5)
      actionview (= 4.2.5)
      activejob (= 4.2.5)
      mail (~> 2.5, >= 2.5.4)
      rails-dom-testing (~> 1.0, >= 1.0.5)
    actionpack (4.2.5)
      actionview (= 4.2.5)
      activesupport (= 4.2.5)
      rack (~> 1.6)
      rack-test (~> 0.6.2)
      rails-dom-testing (~> 1.0, >= 1.0.5)
      rails-html-sanitizer (~> 1.0, >= 1.0.2)
    actionview (4.2.5)
      activesupport (= 4.2.5)
      builder (~> 3.1)
      erubis (~> 2.7.0)
      rails-dom-testing (~> 1.0, >= 1.0.5)
      rails-html-sanitizer (~> 1.0, >= 1.0.2)
    activejob (4.2.5)
      activesupport (= 4.2.5)
      globalid (>= 0.3.0)
    activemodel (4.2.5)
      activesupport (= 4.2.5)
      builder (~> 3.1)
    activerecord (4.2.5)
      activemodel (= 4.2.5)
      activesupport (= 4.2.5)
      arel (~> 6.0)
    activesupport (4.2.5)
      i18n (~> 0.7)
      json (~> 1.7, >= 1.7.7)
      minitest (~> 5.1)
      thread_safe (~> 0.3, >= 0.3.4)
      tzinfo (~> 1.1)
    angular-rails-templates (1.0.0.beta1)
      railties (~> 4.2)
      sprockets (~> 3.0)
    angular_rails_csrf (1.0.3)
      rails (>= 3, < 5)
    arel (6.0.3)
    autoprefixer-rails (6.0.3)
      execjs
      json
    aws-ses (0.6.0)
      builder
      mail (> 2.2.5)
      mime-types
      xml-simple
    bcrypt (3.1.10)
    bcrypt (3.1.10-x64-mingw32)
    bcrypt-ruby (3.1.1.rc1)
    binding_of_caller (0.7.2)
      debug_inspector (>= 0.0.1)
    bootstrap-sass (3.3.5.1)
      autoprefixer-rails (>= 5.0.0.1)
      sass (>= 3.3.0)
    bower-rails (0.10.0)
    bson (3.2.6)
    builder (3.2.2)
    byebug (8.2.1)
    capistrano (3.4.0)
      i18n
      rake (>= 10.0.0)
      sshkit (~> 1.3)
    capistrano-bundler (1.1.4)
      capistrano (~> 3.1)
      sshkit (~> 1.2)
    capistrano-rails (1.1.5)
      capistrano (~> 3.1)
      capistrano-bundler (~> 1.1)
    capistrano-rvm (0.1.2)
      capistrano (~> 3.0)
      sshkit (~> 1.2)
    capistrano3-puma (1.2.1)
      capistrano (~> 3.0)
      puma (>= 2.6)
    carrierwave (0.10.0)
      activemodel (>= 3.2.0)
      activesupport (>= 3.2.0)
      json (>= 1.7)
      mime-types (>= 1.16)
    carrierwave-mongoid (0.8.1)
      carrierwave (>= 0.8.0, < 0.11.0)
      mongoid (>= 3.0, < 6.0)
      mongoid-grid_fs (>= 1.3, < 3.0)
    concurrent-ruby (1.0.0)
    connection_pool (2.2.0)
    debug_inspector (0.0.2)
    devise (3.5.3)
      bcrypt (~> 3.0)
      orm_adapter (~> 0.1)
      railties (>= 3.2.6, < 5)
      responders
      thread_safe (~> 0.1)
      warden (~> 1.2.3)
    doorkeeper (3.1.0)
      railties (>= 3.2)
    erubis (2.7.0)
    excon (0.45.4)
    execjs (2.6.0)
    fission (0.5.0)
      CFPropertyList (~> 2.2)
    fog (1.37.0)
      fog-aliyun (>= 0.1.0)
      fog-atmos
      fog-aws (>= 0.6.0)
      fog-brightbox (~> 0.4)
      fog-core (~> 1.32)
      fog-dynect (~> 0.0.2)
      fog-ecloud (~> 0.1)
      fog-google (<= 0.1.0)
      fog-json
      fog-local
      fog-powerdns (>= 0.1.1)
      fog-profitbricks
      fog-radosgw (>= 0.0.2)
      fog-riakcs
      fog-sakuracloud (>= 0.0.4)
      fog-serverlove
      fog-softlayer
      fog-storm_on_demand
      fog-terremark
      fog-vmfusion
      fog-voxel
      fog-vsphere (>= 0.4.0)
      fog-xenserver
      fog-xml (~> 0.1.1)
      ipaddress (~> 0.5)
    fog-aliyun (0.1.0)
      fog-core (~> 1.27)
      fog-json (~> 1.0)
      ipaddress (~> 0.8)
      xml-simple (~> 1.1)
    fog-atmos (0.1.0)
      fog-core
      fog-xml
    fog-aws (0.8.1)
      fog-core (~> 1.27)
      fog-json (~> 1.0)
      fog-xml (~> 0.1)
      ipaddress (~> 0.8)
    fog-brightbox (0.10.1)
      fog-core (~> 1.22)
      fog-json
      inflecto (~> 0.0.2)
    fog-core (1.35.0)
      builder
      excon (~> 0.45)
      formatador (~> 0.2)
    fog-dynect (0.0.2)
      fog-core
      fog-json
      fog-xml
    fog-ecloud (0.3.0)
      fog-core
      fog-xml
    fog-google (0.1.0)
      fog-core
      fog-json
      fog-xml
    fog-json (1.0.2)
      fog-core (~> 1.0)
      multi_json (~> 1.10)
    fog-local (0.2.1)
      fog-core (~> 1.27)
    fog-powerdns (0.1.1)
      fog-core (~> 1.27)
      fog-json (~> 1.0)
      fog-xml (~> 0.1)
    fog-profitbricks (0.0.5)
      fog-core
      fog-xml
      nokogiri
    fog-radosgw (0.0.5)
      fog-core (>= 1.21.0)
      fog-json
      fog-xml (>= 0.0.1)
    fog-riakcs (0.1.0)
      fog-core
      fog-json
      fog-xml
    fog-sakuracloud (1.7.5)
      fog-core
      fog-json
    fog-serverlove (0.1.2)
      fog-core
      fog-json
    fog-softlayer (1.0.3)
      fog-core
      fog-json
    fog-storm_on_demand (0.1.1)
      fog-core
      fog-json
    fog-terremark (0.1.0)
      fog-core
      fog-xml
    fog-vmfusion (0.1.0)
      fission
      fog-core
    fog-voxel (0.1.0)
      fog-core
      fog-xml
    fog-vsphere (0.4.0)
      fog-core
      rbvmomi (~> 1.8)
    fog-xenserver (0.2.3)
      fog-core
      fog-xml
    fog-xml (0.1.2)
      fog-core
      nokogiri (~> 1.5, >= 1.5.11)
    formatador (0.2.5)
    globalid (0.3.6)
      activesupport (>= 4.1.0)
    hashie (3.4.3)
    httparty (0.13.7)
      json (~> 1.8)
      multi_xml (>= 0.5.2)
    i18n (0.7.0)
    inflecto (0.0.2)
    ipaddress (0.8.2)
    jbuilder (2.4.0)
      activesupport (>= 3.0.0, < 5.1)
      multi_json (~> 1.2)
    jquery-rails (4.1.0)
      rails-dom-testing (~> 1.0)
      railties (>= 4.2.0)
      thor (>= 0.14, < 2.0)
    json (1.8.3)
    libv8 (3.16.14.13)
    loofah (2.0.3)
      nokogiri (>= 1.5.9)
    mail (2.6.3)
      mime-types (>= 1.16, < 3)
    mime-types (2.99)
    mini_magick (4.3.6)
    mini_portile2 (2.0.0)
    minitest (5.8.3)
    mongoid (4.0.2)
      activemodel (~> 4.0)
      moped (~> 2.0.0)
      origin (~> 2.1)
      tzinfo (>= 0.3.37)
    mongoid-grid_fs (2.2.1)
      mime-types (>= 1.0, < 3.0)
      mongoid (>= 3.0, < 6.0)
    moped (2.0.7)
      bson (~> 3.0)
      connection_pool (~> 2.0)
      optionable (~> 0.2.0)
    multi_json (1.11.2)
    multi_xml (0.5.5)
    net-scp (1.2.1)
      net-ssh (>= 2.6.5)
    net-ssh (3.0.2)
    nokogiri (1.6.7.1)
      mini_portile2 (~> 2.0.0.rc2)
    nokogiri (1.6.7.1-x64-mingw32)
      mini_portile2 (~> 2.0.0.rc2)
    optionable (0.2.0)
    origin (2.1.1)
    orm_adapter (0.5.0)
    puma (2.15.3)
    rack (1.6.4)
    rack-cors (0.4.0)
    rack-test (0.6.3)
      rack (>= 1.0)
    rails (4.2.5)
      actionmailer (= 4.2.5)
      actionpack (= 4.2.5)
      actionview (= 4.2.5)
      activejob (= 4.2.5)
      activemodel (= 4.2.5)
      activerecord (= 4.2.5)
      activesupport (= 4.2.5)
      bundler (>= 1.3.0, < 2.0)
      railties (= 4.2.5)
      sprockets-rails
    rails-deprecated_sanitizer (1.0.3)
      activesupport (>= 4.2.0.alpha)
    rails-dom-testing (1.0.7)
      activesupport (>= 4.2.0.beta, < 5.0)
      nokogiri (~> 1.6.0)
      rails-deprecated_sanitizer (>= 1.0.1)
    rails-html-sanitizer (1.0.2)
      loofah (~> 2.0)
    railties (4.2.5)
      actionpack (= 4.2.5)
      activesupport (= 4.2.5)
      rake (>= 0.8.7)
      thor (>= 0.18.1, < 2.0)
    rake (10.5.0)
    rbvmomi (1.8.2)
      builder
      nokogiri (>= 1.4.1)
      trollop
    rdoc (4.2.1)
      json (~> 1.4)
    ref (2.0.0)
    responders (2.1.1)
      railties (>= 4.2.0, < 5.1)
    sass (3.4.21)
    sass-rails (5.0.4)
      railties (>= 4.0.0, < 5.0)
      sass (~> 3.1)
      sprockets (>= 2.8, < 4.0)
      sprockets-rails (>= 2.0, < 4.0)
      tilt (>= 1.1, < 3)
    sdoc (0.4.1)
      json (~> 1.7, >= 1.7.7)
      rdoc (~> 4.0)
    settingslogic (2.0.9)
    slim (3.0.6)
      temple (~> 0.7.3)
      tilt (>= 1.3.3, < 2.1)
    spring (1.6.2)
    sprockets (3.5.2)
      concurrent-ruby (~> 1.0)
      rack (> 1, < 3)
    sprockets-rails (3.0.0)
      actionpack (>= 4.0)
      activesupport (>= 4.0)
      sprockets (>= 3.0.0)
    sshkit (1.8.1)
      net-scp (>= 1.1.2)
      net-ssh (>= 2.8.0)
    temple (0.7.6)
    therubyracer (0.12.2)
      libv8 (~> 3.16.14.0)
      ref
    thor (0.19.1)
    thread_safe (0.3.5)
    tilt (2.0.2)
    trollop (2.1.2)
    tzinfo (1.2.2)
      thread_safe (~> 0.1)
    tzinfo-data (1.2016.1)
      tzinfo (>= 1.0.0)
    uglifier (2.7.2)
      execjs (>= 0.3.0)
      json (>= 1.8.0)
    warden (1.2.4)
      rack (>= 1.0)
    web-console (2.2.1)
      activemodel (>= 4.0)
      binding_of_caller (>= 0.7.2)
      railties (>= 4.0)
      sprockets-rails (>= 2.0, < 4.0)
    xml-simple (1.1.5)

PLATFORMS
  ruby
  x64-mingw32

DEPENDENCIES
  angular-rails-templates (= 1.0.0.beta1)
  angular_rails_csrf
  aws-ses (~> 0.6.0)
  bcrypt-ruby (= 3.1.1.rc1)
  bootstrap-sass (~> 3.3.5)
  bower-rails
  byebug
  capistrano-rails
  capistrano-rvm
  capistrano3-puma
  carrierwave
  carrierwave-mongoid
  devise
  doorkeeper-mongodb!
  fog
  hashie
  httparty
  jbuilder (~> 2.0)
  jquery-rails
  mini_magick
  mongoid (~> 4.0.2)
  puma
  rack-cors
  rails (= 4.2.5)
  sass-rails (~> 5.0)
  sdoc (~> 0.4.0)
  settingslogic
  slim
  spring
  therubyracer
  tzinfo-data
  uglifier (>= 1.3.0)
  web-console (~> 2.0)

BUNDLED WITH
   1.11.2
